GEM
  remote: https://rubygems.org/
  specs:
    base64 (0.3.0)
    concurrent-ruby (1.3.5)
    dotenv (3.1.8)
    jwt (2.10.1)
      base64
    rack (3.1.16)
    rackup (2.2.1)
      rack (>= 3)
    sucker_punch (3.2.0)
      concurrent-ruby (~> 1.0)
    webrick (1.9.1)

PLATFORMS
  x64-mingw-ucrt
  x86_64-linux

DEPENDENCIES
  dotenv
  jwt
  rack
  rackup
  sucker_punch
  webrick

BUNDLED WITH
   2.6.7
